GEM
  remote: https://rubygems.org/
  specs:
    execjs (1.4.0)
      multi_json (~> 1.0)
    minitest (3.0.1)
    minitest-rg (1.1.0)
    multi_json (1.3.6)
    rake (0.9.2.2)

PLATFORMS
  ruby

DEPENDENCIES
  execjs
  minitest
  minitest-rg
  rake
